PATH
  remote: .
  specs:
    example_gem (0.0.0)
      activesupport (~> 5.2)
      analytics-ruby (~> 2.2.6, != 2.2.7)
      bugsnag (~> 6.6)
      exifr (~> 1.3)
      faraday (~> 1.0)
      launchdarkly-server-sdk (~> 5.7)
      listen (~> 3.1)

GEM
  remote: https://rubygems.org/
  specs:
    activesupport (5.2.4.2)
      concurrent-ruby (~> 1.0, >= 1.0.2)
      i18n (>= 0.7, < 2)
      minitest (~> 5.1)
      tzinfo (~> 1.1)
    analytics-ruby (2.2.8)
    bugsnag (6.13.0)
      concurrent-ruby (~> 1.0)
    byebug (11.1.3)
    concurrent-ruby (1.1.6)
    diff-lcs (1.3)
    dotenv (2.7.5)
    exifr (1.3.6)
    faraday (1.0.1)
      multipart-post (>= 1.2, < 3)
    ffi (1.12.2)
    hitimes (1.3.1)
    http_tools (0.4.5)
    i18n (1.8.2)
      concurrent-ruby (~> 1.0)
    json (2.3.0)
    launchdarkly-server-sdk (5.7.2)
      concurrent-ruby (~> 1.0)
      json (>= 1.8, < 3)
      ld-eventsource (= 1.0.3)
      semantic (~> 1.6)
    ld-eventsource (1.0.3)
      concurrent-ruby (~> 1.0)
      http_tools (~> 0.4.5)
      socketry (~> 0.5.1)
    listen (3.2.1)
      rb-fsevent (~> 0.10, >= 0.10.3)
      rb-inotify (~> 0.9, >= 0.9.10)
    minitest (5.14.0)
    multipart-post (2.1.1)
    rb-fsevent (0.10.3)
    rb-inotify (0.10.1)
      ffi (~> 1.0)
    rspec (3.9.0)
      rspec-core (~> 3.9.0)
      rspec-expectations (~> 3.9.0)
      rspec-mocks (~> 3.9.0)
    rspec-core (3.9.1)
      rspec-support (~> 3.9.1)
    rspec-expectations (3.9.1)
      diff-lcs (>= 1.2.0, < 2.0)
      rspec-support (~> 3.9.0)
    rspec-mocks (3.9.1)
      diff-lcs (>= 1.2.0, < 2.0)
      rspec-support (~> 3.9.0)
    rspec-support (3.9.2)
    semantic (1.6.1)
    socketry (0.5.1)
      hitimes (~> 1.2)
    thread_safe (0.3.6)
    tzinfo (1.2.7)
      thread_safe (~> 0.1)

PLATFORMS
  ruby

DEPENDENCIES
  bundler (= 1.17.3)
  byebug (~> 11.0, >= 11.0.1)
  dotenv (~> 2.7, >= 2.7.5)
  example_gem!
  rspec (~> 3.7)

BUNDLED WITH
   1.17.3
